PATH
  remote: .
  specs:
    capistrano_multiconfig_parallel (2.3.5)
      activesupport (>= 4.0)
      capistrano_sentinel (>= 0.1.0)
      celluloid (>= 0.16)
      celluloid-pmap (~> 0.2, >= 0.2.2)
      celluloid_pubsub (~> 1.0, >= 1.0.3)
      colorize (~> 0.7, >= 0.7)
      composable_state_machine (~> 1.0, >= 1.0.2)
      configliere (~> 0.4, >= 0.4)
      devnull (~> 0.1, >= 0.1)
      eventmachine (~> 1.0, >= 1.0.3)
      inquirer (~> 0.2, >= 0.2)
      powerbar (~> 1.0, >= 1.0.17)
      right_popen (~> 3.0, >= 3.0.1)
      terminal-table (~> 1.5, >= 1.5.2)

GEM
  remote: https://rubygems.org/
  specs:
    activesupport (5.0.0.1)
      concurrent-ruby (~> 1.0, >= 1.0.2)
      i18n (~> 0.7)
      minitest (~> 5.1)
      tzinfo (~> 1.1)
    addressable (2.4.0)
    capistrano_sentinel (0.1.0)
      websocket
    celluloid (0.17.3)
      celluloid-essentials
      celluloid-extras
      celluloid-fsm
      celluloid-pool
      celluloid-supervision
      timers (>= 4.1.1)
    celluloid-essentials (0.20.5)
      timers (>= 4.1.1)
    celluloid-extras (0.20.5)
      timers (>= 4.1.1)
    celluloid-fsm (0.20.5)
      timers (>= 4.1.1)
    celluloid-io (0.17.3)
      celluloid (>= 0.17.2)
      nio4r (>= 1.1)
      timers (>= 4.1.1)
    celluloid-pmap (0.2.2)
      celluloid (>= 0.16)
    celluloid-pool (0.20.5)
      timers (>= 4.1.1)
    celluloid-supervision (0.20.6)
      timers (>= 4.1.1)
    celluloid-websocket-client (0.0.2)
      celluloid-io
      websocket-driver
    celluloid_pubsub (1.0.3)
      activesupport (>= 4.0)
      celluloid (>= 0.16.0, >= 0.16)
      celluloid-io (>= 0.16.2, >= 0.16)
      celluloid-pmap (~> 0.2, >= 0.2.2)
      celluloid-websocket-client (~> 0.0, >= 0.0.1)
      reel (~> 0.6, >= 0.6.0)
    coderay (1.1.1)
    colorize (0.8.1)
    composable_state_machine (1.0.2)
    concurrent-ruby (1.0.2)
    configliere (0.4.22)
      highline (= 1.5.2)
      multi_json (~> 1.10.1)
    coveralls (0.8.15)
      json (>= 1.8, < 3)
      simplecov (~> 0.12.0)
      term-ansicolor (~> 1.3)
      thor (~> 0.19.1)
      tins (>= 1.6.0, < 2)
    devnull (0.1.2)
    diff-lcs (1.2.5)
    docile (1.1.5)
    domain_name (0.5.20161021)
      unf (>= 0.0.5, < 1.0.0)
    eventmachine (1.2.0.1)
    github-markup (1.4.0)
    hashie (3.4.6)
    highline (1.5.2)
    hitimes (1.2.4)
    http (2.0.3)
      addressable (~> 2.3)
      http-cookie (~> 1.0)
      http-form_data (~> 1.0.1)
      http_parser.rb (~> 0.6.0)
    http-cookie (1.0.3)
      domain_name (~> 0.5)
    http-form_data (1.0.1)
    http_parser.rb (0.6.0)
    i18n (0.7.0)
    inch (0.7.1)
      pry
      sparkr (>= 0.2.0)
      term-ansicolor
      yard (~> 0.8.7.5)
    inquirer (0.2.1)
      term-ansicolor (>= 1.2.2)
    json (2.0.2)
    metaclass (0.0.4)
    method_source (0.8.2)
    minitest (5.9.1)
    mocha (1.2.1)
      metaclass (~> 0.0.1)
    multi_json (1.10.1)
    nio4r (1.2.1)
    powerbar (1.0.17)
      hashie (>= 1.1.0)
    pry (0.10.4)
      coderay (~> 1.1.0)
      method_source (~> 0.8.1)
      slop (~> 3.4)
    rake (11.3.0)
    redcarpet (3.3.4)
    reel (0.6.1)
      celluloid (>= 0.15.1)
      celluloid-io (>= 0.15.0)
      http (>= 0.6.0.pre)
      http_parser.rb (>= 0.6.0)
      websocket-driver (>= 0.5.1)
    right_popen (3.0.1)
    rspec (3.5.0)
      rspec-core (~> 3.5.0)
      rspec-expectations (~> 3.5.0)
      rspec-mocks (~> 3.5.0)
    rspec-core (3.5.4)
      rspec-support (~> 3.5.0)
    rspec-expectations (3.5.0)
      diff-lcs (>= 1.2.0, < 2.0)
      rspec-support (~> 3.5.0)
    rspec-mocks (3.5.0)
      diff-lcs (>= 1.2.0, < 2.0)
      rspec-support (~> 3.5.0)
    rspec-support (3.5.0)
    simplecov (0.12.0)
      docile (~> 1.1.0)
      json (>= 1.8, < 3)
      simplecov-html (~> 0.10.0)
    simplecov-html (0.10.0)
    simplecov-summary (0.0.5)
      colorize
      simplecov
    slop (3.6.0)
    sparkr (0.4.1)
    term-ansicolor (1.4.0)
      tins (~> 1.0)
    terminal-table (1.7.3)
      unicode-display_width (~> 1.1.1)
    thor (0.19.1)
    thread_safe (0.3.5)
    timers (4.1.1)
      hitimes
    tins (1.12.0)
    tzinfo (1.2.2)
      thread_safe (~> 0.1)
    unf (0.1.4)
      unf_ext
    unf_ext (0.0.7.2)
    unicode-display_width (1.1.1)
    websocket (1.2.3)
    websocket-driver (0.6.4)
      websocket-extensions (>= 0.1.0)
    websocket-extensions (0.1.2)
    yard (0.8.7.6)

PLATFORMS
  ruby

DEPENDENCIES
  capistrano_multiconfig_parallel!
  coveralls (~> 0.7, >= 0.7)
  github-markup (~> 1.3, >= 1.3.3)
  inch (~> 0.6, >= 0.6)
  mocha (~> 1.1, >= 1.1)
  rake (>= 10.4)
  redcarpet (~> 3.3, >= 3.3)
  rspec (~> 3.4, >= 3.4)
  simplecov (~> 0.11, >= 0.11)
  simplecov-summary (~> 0.0.4, >= 0.0.4)
  yard (~> 0.8, >= 0.8.7)

BUNDLED WITH
   1.13.1
